PATH
  remote: .
  specs:
    datetimepicker-core-core (1.0.0)

GEM
  remote: https://rubygems.org/
  specs:
    rake (10.3.2)

PLATFORMS
  ruby

DEPENDENCIES
  bundler (~> 1.6)
  datetimepicker-core-core!
  rake (~> 10.0)
